GEM
  remote: http://rubygems.org/
  specs:
    SystemTimer (1.2.3)
    activemodel (3.0.9)
      activesupport (= 3.0.9)
      builder (~> 2.1.2)
      i18n (~> 0.5.0)
    activesupport (3.0.9)
    backports (2.3.0)
    bson (1.3.1)
    bson_ext (1.3.1)
    builder (2.1.2)
    i18n (0.5.0)
    mongo (1.3.1)
      bson (>= 1.3.1)
    mongoid (2.0.2)
      activemodel (~> 3.0)
      mongo (~> 1.3)
      tzinfo (~> 0.3.22)
    monkey-lib (0.5.4)
      backports
    rack (1.3.2)
    ruby-hmac (0.4.0)
    sinatra (1.2.6)
      rack (~> 1.1)
      tilt (>= 1.2.2, < 2.0)
    sinatra-advanced-routes (0.5.1)
      monkey-lib (~> 0.5.0)
      sinatra (~> 1.0)
      sinatra-sugar (~> 0.5.0)
    sinatra-content-for (0.2)
      sinatra
    sinatra-flash (0.3.0)
      sinatra (>= 1.0.0)
    sinatra-reloader (0.5.0)
      sinatra (~> 1.0)
      sinatra-advanced-routes (~> 0.5.0)
    sinatra-sugar (0.5.1)
      monkey-lib (~> 0.5.0)
      sinatra (~> 1.0)
    tilt (1.3.2)
    tzinfo (0.3.29)
    wirble (0.1.3)

PLATFORMS
  ruby

DEPENDENCIES
  SystemTimer (= 1.2.3)
  bson_ext (= 1.3.1)
  mongo (= 1.3.1)
  mongoid (= 2.0.2)
  ruby-hmac (= 0.4.0)
  sinatra (= 1.2.6)
  sinatra-content-for (= 0.2)
  sinatra-flash (= 0.3.0)
  sinatra-reloader (= 0.5.0)
  wirble
